GEM
  remote: https://rubygems.org/
  specs:
    concurrent-ruby (1.0.4)
    haml (4.0.7)
      tilt
    hamster (3.0.0)
      concurrent-ruby (~> 1.0)
    htmlentities (4.3.4)
    link_header (0.0.8)
    rdf (2.2.3)
      hamster (~> 3.0)
      link_header (~> 0.0, >= 0.0.8)
    rdf-aggregate-repo (2.1.0)
      rdf (~> 2.0)
    rdf-rdfa (2.1.1)
      haml (~> 4.0)
      htmlentities (~> 4.3)
      rdf (~> 2.0)
      rdf-aggregate-repo (~> 2.0)
      rdf-xsd (~> 2.0)
    rdf-rdfxml (2.0.0)
      htmlentities (~> 4.3)
      rdf (~> 2.0)
      rdf-rdfa (~> 2.0)
      rdf-xsd (~> 2.0)
    rdf-xsd (2.1.0)
      rdf (~> 2.1)
    tilt (2.0.6)

PLATFORMS
  ruby

DEPENDENCIES
  rdf
  rdf-rdfxml

BUNDLED WITH
   1.13.7
